GEM
  remote: http://rubygems.org/
  specs:
    activesupport (3.2.3)
      i18n (~> 0.6)
      multi_json (~> 1.0)
    addressable (2.2.7)
    awesome_print (1.0.2)
    backports (2.5.1)
    colored (1.2)
    daemons (1.1.8)
    eventmachine (0.12.10)
    exceptio-ruby (0.1.5)
      httparty (~> 0.8.1)
    faraday (0.7.6)
      addressable (~> 2.2)
      multipart-post (~> 1.1)
      rack (~> 1.1)
    faraday_middleware (0.8.7)
      faraday (>= 0.7.4, < 0.9)
    foreman (0.42.0)
      thor (>= 0.13.6)
    haml (3.1.4)
    hashie (1.2.0)
    httparty (0.8.3)
      multi_json (~> 1.0)
      multi_xml
    i18n (0.6.0)
    json (1.6.6)
    metaclass (0.0.1)
    mocha (0.11.0)
      metaclass (~> 0.0.1)
    multi_json (1.3.2)
    multi_xml (0.4.4)
    multipart-post (1.1.5)
    octokit (1.0.3)
      addressable (~> 2.2)
      faraday (~> 0.7)
      faraday_middleware (~> 0.8)
      hashie (~> 1.2)
      multi_json (~> 1.3)
    rack (1.4.1)
    rack-protection (1.2.0)
      rack
    rack-test (0.6.1)
      rack (>= 1.0)
    rake (0.9.2.2)
    simple_oauth (0.1.5)
    sinatra (1.3.2)
      rack (~> 1.3, >= 1.3.6)
      rack-protection (~> 1.2)
      tilt (~> 1.3, >= 1.3.3)
    sinatra-contrib (1.3.1)
      backports (>= 2.0)
      eventmachine
      rack-protection
      rack-test
      sinatra (~> 1.3.0)
      tilt (~> 1.3)
    thin (1.3.1)
      daemons (>= 1.0.9)
      eventmachine (>= 0.12.6)
      rack (>= 1.0.0)
    thor (0.14.6)
    tilt (1.3.3)
    twitter (2.2.2)
      activesupport (>= 2.3.9, < 4)
      faraday (~> 0.7)
      multi_json (~> 1.3)
      simple_oauth (~> 0.1)

PLATFORMS
  ruby

DEPENDENCIES
  awesome_print
  colored
  exceptio-ruby
  foreman
  haml
  json
  mocha
  octokit
  rack-test
  rake
  sinatra
  sinatra-contrib
  thin
  twitter
