GIT
  remote: git://github.com/CocoaPods/CocoaPods.git
  revision: f715cb5b45f5881c77546da1114fb51bc61972ba
  branch: develop
  specs:
    cocoapods (0.6.0.rc2)
      colored (~> 1.2)
      escape (~> 0.0.4)
      faraday (~> 0.8.1)
      json (~> 1.7.3)
      octokit (~> 1.7.0)
      open4 (~> 1.3.0)
      rake (~> 0.9.0)
      xcodeproj (~> 0.2.0.rc1)

GIT
  remote: git://github.com/CocoaPods/Xcodeproj.git
  revision: f0d455bcd839e8fdada2e117681ac93b296659b1
  branch: develop
  specs:
    xcodeproj (0.2.0.rc2)

GEM
  remote: http://rubygems.org/
  specs:
    addressable (2.2.8)
    awesome_print (1.0.2)
    backports (2.6.1)
    colored (1.2)
    daemons (1.1.8)
    escape (0.0.4)
    eventmachine (0.12.10)
    exceptio-ruby (0.1.5)
      httparty (~> 0.8.1)
    faraday (0.8.1)
      multipart-post (~> 1.1)
    faraday_middleware (0.8.8)
      faraday (>= 0.7.4, < 0.9)
    foreman (0.47.0)
      thor (>= 0.13.6)
    haml (3.1.6)
    hashie (1.2.0)
    httparty (0.8.3)
      multi_json (~> 1.0)
      multi_xml
    json (1.7.3)
    metaclass (0.0.1)
    mocha (0.11.4)
      metaclass (~> 0.0.1)
    multi_json (1.3.6)
    multi_xml (0.5.1)
    multipart-post (1.1.5)
    octokit (1.7.0)
      addressable (~> 2.2)
      faraday (~> 0.8)
      faraday_middleware (~> 0.8)
      hashie (~> 1.2)
      multi_json (~> 1.3)
    open4 (1.3.0)
    rack (1.4.1)
    rack-protection (1.2.0)
      rack
    rack-test (0.6.1)
      rack (>= 1.0)
    rake (0.9.2.2)
    simple_oauth (0.1.8)
    sinatra (1.3.2)
      rack (~> 1.3, >= 1.3.6)
      rack-protection (~> 1.2)
      tilt (~> 1.3, >= 1.3.3)
    sinatra-contrib (1.3.1)
      backports (>= 2.0)
      eventmachine
      rack-protection
      rack-test
      sinatra (~> 1.3.0)
      tilt (~> 1.3)
    thin (1.3.1)
      daemons (>= 1.0.9)
      eventmachine (>= 0.12.6)
      rack (>= 1.0.0)
    thor (0.15.3)
    tilt (1.3.3)
    twitter (2.5.0)
      faraday (~> 0.8)
      multi_json (~> 1.3)
      simple_oauth (~> 0.1.6)

PLATFORMS
  ruby

DEPENDENCIES
  awesome_print
  cocoapods!
  exceptio-ruby
  foreman
  haml
  mocha
  rack-test
  rake
  sinatra
  sinatra-contrib
  thin
  twitter
  xcodeproj!
